GEM
  remote: http://rubygems.org/
  remote: http://gems.github.com/
  specs:
    RedCloth (4.2.7)
    activesupport (2.3.5)
    aws (2.4.5)
      activesupport
      http_connection
      uuidtools
      xml-simple
    cgi_multipart_eof_fix (2.5.0)
    classifier (1.3.3)
      fast-stemmer (>= 1.0.0)
    compass (0.10.6)
      haml (>= 3.0.4)
    compass-colors (0.3.1)
      compass (>= 0.8.7)
    daemons (1.1.2)
    directory_watcher (1.4.0)
    fast-stemmer (1.0.0)
    fastthread (1.0.7)
    fssm (0.2.6.1)
    gem_plugin (0.2.3)
    haml (3.0.25)
    henrik-jekyll (0.5.2)
      RedCloth (>= 4.0.4)
      classifier (>= 1.3.1)
      directory_watcher (>= 1.1.1)
      liquid (>= 1.9.0)
      maruku (>= 0.5.9)
      open4 (>= 0.9.6)
    http_connection (1.4.0)
    liquid (2.2.2)
    maruku (0.6.0)
      syntax (>= 1.0.0)
    mime-types (1.16)
    mongrel (1.1.5)
      cgi_multipart_eof_fix (>= 2.4)
      daemons (>= 1.0.3)
      fastthread (>= 1.0.1)
      gem_plugin (>= 0.2.3)
    open4 (1.0.1)
    proxies (0.2.1)
    rack (1.2.2)
    rake (0.8.7)
    rdiscount (1.6.8)
    s3 (0.3.8)
      proxies (~> 0.2.0)
    serve (0.11.7)
      activesupport (>= 2.3.5)
      rack (>= 1.2.1)
    syntax (1.0.0)
    uuidtools (2.1.2)
    xml-simple (1.0.15)

PLATFORMS
  ruby

DEPENDENCIES
  activesupport (= 2.3.5)
  aws
  compass
  compass-colors
  fssm
  henrik-jekyll
  mime-types
  mongrel
  rake
  rdiscount
  s3
  serve
